GEM
  remote: https://rubygems.org/
  specs:
    log4r (1.1.10)
    mimemagic (0.2.1)
    mini_portile2 (2.3.0)
    nokogiri (1.8.5)
      mini_portile2 (~> 2.3.0)
    polyglot (0.3.5)
    slaw (2.2.0)
      log4r (~> 1.1.10)
      mimemagic (~> 0.2.1)
      nokogiri (~> 1.8.5)
      thor (~> 0.19.1)
      treetop (~> 1.5)
    thor (0.19.4)
    treetop (1.6.10)
      polyglot (~> 0.3)

PLATFORMS
  ruby

DEPENDENCIES
  slaw (~> 2.2)

RUBY VERSION
   ruby 2.3.3p222

BUNDLED WITH
   1.17.1
