GIT
  remote: https://github.com/longhotsummer/slaw
  revision: e120ff6d5be89a2236b5aa402beb91dbf91bbda1
  branch: akn3
  specs:
    slaw (10.0.0)
      log4r (~> 1.1)
      mimemagic (~> 0.2)
      nokogiri (~> 1.8)
      thor (~> 0.20)
      treetop (~> 1.5)

GEM
  remote: https://rubygems.org/
  specs:
    log4r (1.1.10)
    mimemagic (0.3.5)
    mini_portile2 (2.4.0)
    nokogiri (1.10.9)
      mini_portile2 (~> 2.4.0)
    polyglot (0.3.5)
    thor (0.20.3)
    treetop (1.6.10)
      polyglot (~> 0.3)

PLATFORMS
  ruby

DEPENDENCIES
  slaw!

RUBY VERSION
   ruby 2.6.5p114

BUNDLED WITH
   1.17.2
