GEM
  remote: https://rubygems.org/
  specs:
    log4r (1.1.10)
    mimemagic (0.3.3)
    mini_portile2 (2.4.0)
    nokogiri (1.10.5)
      mini_portile2 (~> 2.4.0)
    polyglot (0.3.5)
    slaw (6.0.0)
      log4r (~> 1.1)
      mimemagic (~> 0.2)
      nokogiri (~> 1.8)
      thor (~> 0.20)
      treetop (~> 1.5)
    thor (0.20.3)
    treetop (1.6.10)
      polyglot (~> 0.3)

PLATFORMS
  ruby

DEPENDENCIES
  slaw (~> 6.0)

RUBY VERSION
   ruby 2.6.2p47

BUNDLED WITH
   1.17.2
